GEM
  remote: http://rubygems.org/
  specs:
    haml (3.0.25)
    mustermann (2.0.2)
      ruby2_keywords (~> 0.0.1)
    rack (2.2.4)
    rack-protection (2.2.3)
      rack
    ruby2_keywords (0.0.5)
    sinatra (2.2.3)
      mustermann (~> 2.0)
      rack (~> 2.2)
      rack-protection (= 2.2.3)
      tilt (~> 2.0)
    spox-plist (3.0.1)
    spox-textpow (0.10.3)
      spox-plist
    spox-ultraviolet (0.10.5)
      spox-textpow
    tilt (2.0.11)

PLATFORMS
  ruby

DEPENDENCIES
  haml
  sinatra
  spox-ultraviolet
